PATH
  remote: environment_attributes_stanza
  specs:
    environment_attributes_stanza (0.0.1)
      togostanza

PATH
  remote: environment_environmental_ontology_stanza
  specs:
    environment_environmental_ontology_stanza (0.0.1)
      togostanza

PATH
  remote: environment_geographical_map_stanza
  specs:
    environment_geographical_map_stanza (0.0.1)
      togostanza

PATH
  remote: environment_inhabitants_brc_stanza
  specs:
    environment_inhabitants_brc_stanza (0.0.1)
      togostanza

PATH
  remote: environment_inhabitants_stanza
  specs:
    environment_inhabitants_stanza (0.0.1)
      togostanza

PATH
  remote: environment_inhabitants_statistics_brc_stanza
  specs:
    environment_inhabitants_statistics_brc_stanza (0.0.1)
      togostanza

PATH
  remote: environment_inhabitants_statistics_nano_stanza
  specs:
    environment_inhabitants_statistics_nano_stanza (0.0.1)
      togostanza

PATH
  remote: environment_inhabitants_statistics_stanza
  specs:
    environment_inhabitants_statistics_stanza (0.0.1)
      togostanza

PATH
  remote: environment_organism_distribution_on_ph_nano_stanza
  specs:
    environment_organism_distribution_on_ph_nano_stanza (0.0.1)
      togostanza

PATH
  remote: environment_organism_distribution_on_temperature_brc_nano_stanza
  specs:
    environment_organism_distribution_on_temperature_brc_nano_stanza (0.0.1)
      togostanza

PATH
  remote: environment_organism_distribution_on_temperature_nano_stanza
  specs:
    environment_organism_distribution_on_temperature_nano_stanza (0.0.1)
      togostanza

PATH
  remote: environment_taxonomic_composition_stanza
  specs:
    environment_taxonomic_composition_stanza (0.0.1)
      togostanza

PATH
  remote: environment_top_level_symbolic_image_nano_stanza
  specs:
    environment_top_level_symbolic_image_nano_stanza (0.0.1)
      togostanza

PATH
  remote: gene_attributes_stanza
  specs:
    gene_attributes_stanza (0.0.1)
      bio
      togostanza

PATH
  remote: gene_length_nano_stanza
  specs:
    gene_length_nano_stanza (0.0.1)
      togostanza

PATH
  remote: gene_wikidata_nano_stanza
  specs:
    gene_wikidata_nano_stanza (0.0.1)
      togostanza

PATH
  remote: genome_cross_references_stanza
  specs:
    genome_cross_references_stanza (0.0.1)
      togostanza

PATH
  remote: genome_genomic_context_stanza
  specs:
    genome_genomic_context_stanza (0.0.1)
      bio-svgenes (>= 0.3.3)
      togostanza

PATH
  remote: genome_information_stanza
  specs:
    genome_information_stanza (0.0.1)
      togostanza

PATH
  remote: genome_jbrowse_stanza
  specs:
    genome_jbrowse_stanza (0.0.1)
      togostanza

PATH
  remote: genome_plot_stanza
  specs:
    genome_plot_stanza (0.0.1)
      togostanza

PATH
  remote: gmo_applied_spices_stanza
  specs:
    gmo_applied_spices_stanza (0.0.1)
      togostanza

PATH
  remote: gmo_approximation_stanza
  specs:
    gmo_approximation_stanza (0.0.1)
      togostanza

PATH
  remote: gmo_genus_stanza
  specs:
    gmo_genus_stanza (0.0.1)
      togostanza

PATH
  remote: js_stanza_wrapper_stanza
  specs:
    js_stanza_wrapper_stanza (0.0.1)
      togostanza

PATH
  remote: lineage_information_stanza
  specs:
    lineage_information_stanza (0.0.1)
      togostanza

PATH
  remote: medium_components_stanza
  specs:
    medium_components_stanza (0.0.1)
      togostanza

PATH
  remote: microbial_phenotype_cell_shape_stanza
  specs:
    microbial_phenotype_cell_shape_stanza (0.0.1)
      togostanza

PATH
  remote: microbial_phenotype_environment_composition_stanza
  specs:
    microbial_phenotype_environment_composition_stanza (0.0.1)
      togostanza

PATH
  remote: microbial_phenotype_genus_composition_stanza
  specs:
    microbial_phenotype_genus_composition_stanza (0.0.1)
      togostanza

PATH
  remote: microbial_phenotype_information_stanza
  specs:
    microbial_phenotype_information_stanza (0.0.1)
      togostanza

PATH
  remote: nucleotide_sequence_stanza
  specs:
    nucleotide_sequence_stanza (0.0.1)
      togostanza

PATH
  remote: organism_cross_references_stanza
  specs:
    organism_cross_references_stanza (0.0.1)
      togostanza

PATH
  remote: organism_culture_collections_stanza
  specs:
    organism_culture_collections_stanza (0.0.1)
      togostanza

PATH
  remote: organism_gc_nano_stanza
  specs:
    organism_gc_nano_stanza (0.0.1)
      togostanza

PATH
  remote: organism_gene_list_stanza
  specs:
    organism_gene_list_stanza (0.0.1)
      togostanza

PATH
  remote: organism_gene_number_nano_stanza
  specs:
    organism_gene_number_nano_stanza (0.0.1)
      togostanza

PATH
  remote: organism_genome_size_nano_stanza
  specs:
    organism_genome_size_nano_stanza (0.0.1)
      togostanza

PATH
  remote: organism_habitat_stanza
  specs:
    organism_habitat_stanza (0.0.1)
      togostanza

PATH
  remote: organism_jbrowse_stanza
  specs:
    organism_jbrowse_stanza (0.0.1)
      togostanza

PATH
  remote: organism_medium_information_stanza
  specs:
    organism_medium_information_stanza (0.0.1)
      togostanza

PATH
  remote: organism_microbial_cell_shape_nano_stanza
  specs:
    organism_microbial_cell_shape_nano_stanza (0.0.1)
      togostanza

PATH
  remote: organism_names_stanza
  specs:
    organism_names_stanza (0.0.1)
      togostanza

PATH
  remote: organism_pathogen_information_stanza
  specs:
    organism_pathogen_information_stanza (0.0.1)
      togostanza

PATH
  remote: organism_ph_nano_stanza
  specs:
    organism_ph_nano_stanza (0.0.1)
      togostanza

PATH
  remote: organism_phenotype_stanza
  specs:
    organism_phenotype_stanza (0.0.1)
      togostanza

PATH
  remote: organism_related_disease_nano_stanza
  specs:
    organism_related_disease_nano_stanza (0.0.1)
      togostanza

PATH
  remote: organism_wikidata_nano_stanza
  specs:
    organism_wikidata_nano_stanza (0.0.1)
      togostanza

PATH
  remote: protein_3d_structure_nano_stanza
  specs:
    protein_3d_structure_nano_stanza (0.0.1)
      togostanza

PATH
  remote: protein_attributes_stanza
  specs:
    protein_attributes_stanza (0.0.1)
      togostanza

PATH
  remote: protein_cross_references_stanza
  specs:
    protein_cross_references_stanza (0.0.1)
      togostanza

PATH
  remote: protein_ec_number_nano_stanza
  specs:
    protein_ec_number_nano_stanza (0.0.1)
      togostanza

PATH
  remote: protein_general_annotation_stanza
  specs:
    protein_general_annotation_stanza (0.0.1)
      togostanza

PATH
  remote: protein_names_stanza
  specs:
    protein_names_stanza (0.0.1)
      togostanza

PATH
  remote: protein_ontologies_stanza
  specs:
    protein_ontologies_stanza (0.0.1)
      togostanza

PATH
  remote: protein_orthologs_stanza
  specs:
    protein_orthologs_stanza (0.0.1)
      togostanza

PATH
  remote: protein_pfam_plot_stanza
  specs:
    protein_pfam_plot_stanza (0.0.1)
      togostanza

PATH
  remote: protein_references_stanza
  specs:
    protein_references_stanza (0.0.1)
      togostanza

PATH
  remote: protein_references_timeline_nano_stanza
  specs:
    protein_references_timeline_nano_stanza (0.0.1)
      togostanza

PATH
  remote: protein_sequence_annotation_stanza
  specs:
    protein_sequence_annotation_stanza (0.0.1)
      togostanza

PATH
  remote: protein_sequence_stanza
  specs:
    protein_sequence_stanza (0.0.1)
      togostanza

PATH
  remote: taxonomy_ortholog_profile_stanza
  specs:
    taxonomy_ortholog_profile_stanza (0.0.1)
      togostanza

GEM
  remote: https://rubygems.org/
  specs:
    activesupport (6.1.1)
      concurrent-ruby (~> 1.0, >= 1.0.2)
      i18n (>= 1.6, < 2)
      minitest (>= 5.1)
      tzinfo (~> 2.0)
      zeitwerk (~> 2.3)
    addressable (2.7.0)
      public_suffix (>= 2.0.2, < 5.0)
    bio (2.0.2)
    bio-svgenes (0.4.1)
    capybara (3.35.3)
      addressable
      mini_mime (>= 0.1.3)
      nokogiri (~> 1.8)
      rack (>= 1.6.0)
      rack-test (>= 0.6.3)
      regexp_parser (>= 1.5, < 3.0)
      xpath (~> 3.2)
    concurrent-ruby (1.1.8)
    connection_pool (2.2.3)
    diff-lcs (1.4.4)
    ffi (1.14.2)
    flavour_saver (0.3.9)
      rltk (~> 2.2.0)
      tilt
    haml (5.2.1)
      temple (>= 0.8.0)
      tilt
    hamster (3.0.0)
      concurrent-ruby (~> 1.0)
    hashie (4.1.0)
    i18n (1.8.8)
      concurrent-ruby (~> 1.0)
    kgio (2.11.3)
    link_header (0.0.8)
    mina (1.2.3)
      open4 (~> 1.3.4)
      rake
    mini_mime (1.0.2)
    mini_portile2 (2.5.0)
    minitest (5.14.3)
    multi_json (1.15.0)
    mustermann (1.1.1)
      ruby2_keywords (~> 0.0.1)
    net-http-persistent (4.0.1)
      connection_pool (~> 2.2)
    nokogiri (1.11.1)
      mini_portile2 (~> 2.5.0)
      racc (~> 1.4)
    open4 (1.3.4)
    parallel (1.20.1)
    public_suffix (4.0.6)
    racc (1.5.2)
    rack (2.2.3)
    rack-protection (2.1.0)
      rack
    rack-test (1.1.0)
      rack (>= 1.0, < 3)
    raindrops (0.19.1)
    rake (13.0.3)
    rdf (3.1.10)
      hamster (~> 3.0)
      link_header (~> 0.0, >= 0.0.8)
    regexp_parser (2.0.3)
    rltk (2.2.1)
      ffi (>= 1.0.0)
    rspec (3.10.0)
      rspec-core (~> 3.10.0)
      rspec-expectations (~> 3.10.0)
      rspec-mocks (~> 3.10.0)
    rspec-core (3.10.1)
      rspec-support (~> 3.10.0)
    rspec-expectations (3.10.1)
      diff-lcs (>= 1.2.0, < 2.0)
      rspec-support (~> 3.10.0)
    rspec-mocks (3.10.2)
      diff-lcs (>= 1.2.0, < 2.0)
      rspec-support (~> 3.10.0)
    rspec-support (3.10.2)
    ruby2_keywords (0.0.4)
    sinatra (2.1.0)
      mustermann (~> 1.0)
      rack (~> 2.2)
      rack-protection (= 2.1.0)
      tilt (~> 2.0)
    sinatra-contrib (2.1.0)
      multi_json
      mustermann (~> 1.0)
      rack-protection (= 2.1.0)
      sinatra (= 2.1.0)
      tilt (~> 2.0)
    sparql-client (3.1.2)
      net-http-persistent (~> 4.0, >= 4.0.1)
      rdf (~> 3.1)
    sprockets (3.7.2)
      concurrent-ruby (~> 1.0)
      rack (> 1, < 3)
    temple (0.8.2)
    thor (1.1.0)
    tilt (2.0.10)
    togostanza (2.2.1)
      activesupport (>= 5)
      flavour_saver
      haml
      hashie
      parallel
      sinatra
      sinatra-contrib
      sparql-client
      sprockets (~> 3.4)
      thor
    tzinfo (2.0.4)
      concurrent-ruby (~> 1.0)
    unicorn (5.8.0)
      kgio (~> 2.6)
      raindrops (~> 0.7)
    xpath (3.2.0)
      nokogiri (~> 1.8)
    zeitwerk (2.4.2)

PLATFORMS
  ruby

DEPENDENCIES
  capybara
  environment_attributes_stanza!
  environment_environmental_ontology_stanza!
  environment_geographical_map_stanza!
  environment_inhabitants_brc_stanza!
  environment_inhabitants_stanza!
  environment_inhabitants_statistics_brc_stanza!
  environment_inhabitants_statistics_nano_stanza!
  environment_inhabitants_statistics_stanza!
  environment_organism_distribution_on_ph_nano_stanza!
  environment_organism_distribution_on_temperature_brc_nano_stanza!
  environment_organism_distribution_on_temperature_nano_stanza!
  environment_taxonomic_composition_stanza!
  environment_top_level_symbolic_image_nano_stanza!
  gene_attributes_stanza!
  gene_length_nano_stanza!
  gene_wikidata_nano_stanza!
  genome_cross_references_stanza!
  genome_genomic_context_stanza!
  genome_information_stanza!
  genome_jbrowse_stanza!
  genome_plot_stanza!
  gmo_applied_spices_stanza!
  gmo_approximation_stanza!
  gmo_genus_stanza!
  js_stanza_wrapper_stanza!
  lineage_information_stanza!
  medium_components_stanza!
  microbial_phenotype_cell_shape_stanza!
  microbial_phenotype_environment_composition_stanza!
  microbial_phenotype_genus_composition_stanza!
  microbial_phenotype_information_stanza!
  mina
  nucleotide_sequence_stanza!
  organism_cross_references_stanza!
  organism_culture_collections_stanza!
  organism_gc_nano_stanza!
  organism_gene_list_stanza!
  organism_gene_number_nano_stanza!
  organism_genome_size_nano_stanza!
  organism_habitat_stanza!
  organism_jbrowse_stanza!
  organism_medium_information_stanza!
  organism_microbial_cell_shape_nano_stanza!
  organism_names_stanza!
  organism_pathogen_information_stanza!
  organism_ph_nano_stanza!
  organism_phenotype_stanza!
  organism_related_disease_nano_stanza!
  organism_wikidata_nano_stanza!
  protein_3d_structure_nano_stanza!
  protein_attributes_stanza!
  protein_cross_references_stanza!
  protein_ec_number_nano_stanza!
  protein_general_annotation_stanza!
  protein_names_stanza!
  protein_ontologies_stanza!
  protein_orthologs_stanza!
  protein_pfam_plot_stanza!
  protein_references_stanza!
  protein_references_timeline_nano_stanza!
  protein_sequence_annotation_stanza!
  protein_sequence_stanza!
  rake
  rspec
  taxonomy_ortholog_profile_stanza!
  togostanza (~> 2.0)
  unicorn

BUNDLED WITH
   2.1.4
